GEM
  remote: https://rubygems.org/
  specs:
    actioncable (7.0.2.2)
      actionpack (= 7.0.2.2)
      activesupport (= 7.0.2.2)
      nio4r (~> 2.0)
      websocket-driver (>= 0.6.1)
    actionmailbox (7.0.2.2)
      actionpack (= 7.0.2.2)
      activejob (= 7.0.2.2)
      activerecord (= 7.0.2.2)
      activestorage (= 7.0.2.2)
      activesupport (= 7.0.2.2)
      mail (>= 2.7.1)
      net-imap
      net-pop
      net-smtp
    actionmailer (7.0.2.2)
      actionpack (= 7.0.2.2)
      actionview (= 7.0.2.2)
      activejob (= 7.0.2.2)
      activesupport (= 7.0.2.2)
      mail (~> 2.5, >= 2.5.4)
      net-imap
      net-pop
      net-smtp
      rails-dom-testing (~> 2.0)
    actionpack (7.0.2.2)
      actionview (= 7.0.2.2)
      activesupport (= 7.0.2.2)
      rack (~> 2.0, >= 2.2.0)
      rack-test (>= 0.6.3)
      rails-dom-testing (~> 2.0)
      rails-html-sanitizer (~> 1.0, >= 1.2.0)
    actiontext (7.0.2.2)
      actionpack (= 7.0.2.2)
      activerecord (= 7.0.2.2)
      activestorage (= 7.0.2.2)
      activesupport (= 7.0.2.2)
      globalid (>= 0.6.0)
      nokogiri (>= 1.8.5)
    actionview (7.0.2.2)
      activesupport (= 7.0.2.2)
      builder (~> 3.1)
      erubi (~> 1.4)
      rails-dom-testing (~> 2.0)
      rails-html-sanitizer (~> 1.1, >= 1.2.0)
    activejob (7.0.2.2)
      activesupport (= 7.0.2.2)
      globalid (>= 0.3.6)
    activemodel (7.0.2.2)
      activesupport (= 7.0.2.2)
    activerecord (7.0.2.2)
      activemodel (= 7.0.2.2)
      activesupport (= 7.0.2.2)
    activestorage (7.0.2.2)
      actionpack (= 7.0.2.2)
      activejob (= 7.0.2.2)
      activerecord (= 7.0.2.2)
      activesupport (= 7.0.2.2)
      marcel (~> 1.0)
      mini_mime (>= 1.1.0)
    activesupport (7.0.2.2)
      concurrent-ruby (~> 1.0, >= 1.0.2)
      i18n (>= 1.6, < 2)
      minitest (>= 5.1)
      tzinfo (~> 2.0)
    addressable (2.8.0)
      public_suffix (>= 2.0.2, < 5.0)
    bcrypt (3.1.16)
    bootsnap (1.10.3)
      msgpack (~> 1.2)
    builder (3.2.4)
    capybara (3.36.0)
      addressable
      matrix
      mini_mime (>= 0.1.3)
      nokogiri (~> 1.8)
      rack (>= 1.6.0)
      rack-test (>= 0.6.3)
      regexp_parser (>= 1.5, < 3.0)
      xpath (~> 3.2)
    childprocess (4.1.0)
    coderay (1.1.3)
    concurrent-ruby (1.1.9)
    crass (1.0.6)
    crono (1.1.2)
      activerecord (>= 4.0)
      activesupport (>= 4.0)
    date (3.2.2)
    debug (1.4.0)
      irb (>= 1.3.6)
      reline (>= 0.2.7)
    digest (3.1.0)
    erubi (1.10.0)
    globalid (1.0.0)
      activesupport (>= 5.0)
    haml (5.2.2)
      temple (>= 0.8.0)
      tilt
    i18n (1.9.1)
      concurrent-ruby (~> 1.0)
    io-console (0.5.11)
    io-wait (0.2.1)
    irb (1.4.1)
      reline (>= 0.3.0)
    loofah (2.14.0)
      crass (~> 1.0.2)
      nokogiri (>= 1.5.9)
    mail (2.7.1)
      mini_mime (>= 0.1.1)
    marcel (1.0.2)
    matrix (0.4.2)
    method_source (1.0.0)
    mini_mime (1.1.2)
    minitest (5.15.0)
    msgpack (1.4.4)
    mustermann (1.1.1)
      ruby2_keywords (~> 0.0.1)
    net-imap (0.2.3)
      digest
      net-protocol
      strscan
    net-pop (0.1.1)
      digest
      net-protocol
      timeout
    net-protocol (0.1.2)
      io-wait
      timeout
    net-smtp (0.3.1)
      digest
      net-protocol
      timeout
    nio4r (2.5.8)
    nokogiri (1.13.1-aarch64-linux)
      racc (~> 1.4)
    nokogiri (1.13.1-x86_64-linux)
      racc (~> 1.4)
    open-uri (0.2.0)
      stringio
      time
      uri
    parallel (1.22.1)
    pg (1.3.1)
    pry (0.14.1)
      coderay (~> 1.1)
      method_source (~> 1.0)
    public_suffix (4.0.6)
    puma (5.6.2)
      nio4r (~> 2.0)
    racc (1.6.0)
    rack (2.2.3)
    rack-protection (2.2.0)
      rack
    rack-test (1.1.0)
      rack (>= 1.0, < 3)
    rails (7.0.2.2)
      actioncable (= 7.0.2.2)
      actionmailbox (= 7.0.2.2)
      actionmailer (= 7.0.2.2)
      actionpack (= 7.0.2.2)
      actiontext (= 7.0.2.2)
      actionview (= 7.0.2.2)
      activejob (= 7.0.2.2)
      activemodel (= 7.0.2.2)
      activerecord (= 7.0.2.2)
      activestorage (= 7.0.2.2)
      activesupport (= 7.0.2.2)
      bundler (>= 1.15.0)
      railties (= 7.0.2.2)
    rails-dom-testing (2.0.3)
      activesupport (>= 4.2.0)
      nokogiri (>= 1.6)
    rails-html-sanitizer (1.4.2)
      loofah (~> 2.3)
    railties (7.0.2.2)
      actionpack (= 7.0.2.2)
      activesupport (= 7.0.2.2)
      method_source
      rake (>= 12.2)
      thor (~> 1.0)
      zeitwerk (~> 2.5)
    rake (13.0.6)
    regexp_parser (2.2.1)
    reline (0.3.1)
      io-console (~> 0.5)
    rexml (3.2.5)
    ruby2_keywords (0.0.5)
    rubyzip (2.3.2)
    selenium-webdriver (4.1.0)
      childprocess (>= 0.5, < 5.0)
      rexml (~> 3.2, >= 3.2.5)
      rubyzip (>= 1.2.2)
    sinatra (2.2.0)
      mustermann (~> 1.0)
      rack (~> 2.2)
      rack-protection (= 2.2.0)
      tilt (~> 2.0)
    stringio (3.0.1)
    strscan (3.0.1)
    temple (0.8.2)
    thor (1.2.1)
    tilt (2.0.10)
    time (0.2.0)
      date
    timeout (0.2.0)
    tzinfo (2.0.4)
      concurrent-ruby (~> 1.0)
    uri (0.11.0)
    websocket-driver (0.7.5)
      websocket-extensions (>= 0.1.0)
    websocket-extensions (0.1.5)
    xpath (3.2.0)
      nokogiri (~> 1.8)
    zeitwerk (2.5.4)

PLATFORMS
  aarch64-linux
  x86_64-linux

DEPENDENCIES
  activesupport
  bcrypt (~> 3.1)
  bootsnap
  capybara
  crono (~> 1.1)
  debug
  haml (~> 5.2)
  nokogiri
  open-uri
  parallel
  pg (~> 1.1)
  pry
  puma (~> 5.0)
  rails (~> 7.0.1)
  selenium-webdriver
  sinatra (~> 2.2)
  tzinfo-data

RUBY VERSION
   ruby 3.1.2p20

BUNDLED WITH
   2.3.3
